GIT
  remote: git://github.com/chriseppstein/compass.git
  revision: a00044cc491ff4701e081a3e7e6723fc8868ef1f
  specs:
    compass (0.12.alpha.0.a00044c)
      chunky_png (~> 1.2)
      fssm (>= 0.2.7)
      sass (~> 3.1)

GIT
  remote: git://github.com/datamapper/dm-active_model.git
  revision: 303682aa11cf8ed8c96ece496cca1f770ae54ed2
  specs:
    dm-active_model (1.3.0.beta)
      activemodel (~> 3.1.0)
      dm-core (~> 1.3.0.beta)

GIT
  remote: git://github.com/datamapper/dm-aggregates.git
  revision: a45ed12fff9e660f40d2816f211765b5e6fa060a
  specs:
    dm-aggregates (1.3.0.beta)
      dm-core (~> 1.3.0.beta)

GIT
  remote: git://github.com/datamapper/dm-core.git
  revision: d74ae6e8c4a380e438ae4cfbfa96551c21297ba7
  specs:
    dm-core (1.3.0.beta)
      addressable (~> 2.2.6)
      virtus (~> 0.0.8)

GIT
  remote: git://github.com/datamapper/dm-do-adapter.git
  revision: 93789ace0a15b995cea05af2f206bc695ad7e3a9
  specs:
    dm-do-adapter (1.3.0.beta)
      data_objects (~> 0.10.6)
      dm-core (~> 1.3.0.beta)

GIT
  remote: git://github.com/datamapper/dm-migrations.git
  revision: 06a878596d7b5844e4b58f082b0a259733750e50
  specs:
    dm-migrations (1.3.0.beta)
      dm-core (~> 1.3.0.beta)

GIT
  remote: git://github.com/datamapper/dm-mysql-adapter.git
  revision: 79bc84f6b19d22bd511ad2e007cf77c09f7e6df8
  specs:
    dm-mysql-adapter (1.3.0.beta)
      dm-do-adapter (~> 1.3.0.beta)
      do_mysql (~> 0.10.6)

GIT
  remote: git://github.com/datamapper/dm-rails.git
  revision: ebe9f82cdeecc78dae87b99303ad7cd7ec252375
  specs:
    dm-rails (1.3.0.beta)
      actionpack (~> 3.1.0)
      dm-active_model (~> 1.3.0.beta)
      dm-core (~> 1.3.0.beta)
      railties (~> 3.1.0)

GIT
  remote: git://github.com/datamapper/dm-validations.git
  revision: 1a0dba57c9ad3e9325f17a5977c8cffa4684467b
  specs:
    dm-validations (1.3.0.beta)
      dm-core (~> 1.3.0.beta)

GIT
  remote: git://github.com/makevoid/voidtools
  revision: 707a87770f52790fdd9fec1518f21dd0069681c7
  specs:
    voidtools (0.2.4)

GIT
  remote: git://github.com/rails/exception_notification
  revision: 192a49a02d63d28b23ed41cebadfedd490929cf1
  specs:
    exception_notification (1.0.0)

GIT
  remote: git://github.com/timcharper/spork.git
  revision: 2bb3143af5f97474db6cbd95c0a77d333f5c36fd
  specs:
    spork (0.9.0.rc9)

GEM
  remote: http://rubygems.org/
  specs:
    actionmailer (3.1.1)
      actionpack (= 3.1.1)
      mail (~> 2.3.0)
    actionpack (3.1.1)
      activemodel (= 3.1.1)
      activesupport (= 3.1.1)
      builder (~> 3.0.0)
      erubis (~> 2.7.0)
      i18n (~> 0.6)
      rack (~> 1.3.2)
      rack-cache (~> 1.1)
      rack-mount (~> 0.8.2)
      rack-test (~> 0.6.1)
      sprockets (~> 2.0.2)
    activemodel (3.1.1)
      activesupport (= 3.1.1)
      builder (~> 3.0.0)
      i18n (~> 0.6)
    activesupport (3.1.1)
      multi_json (~> 1.0)
    addressable (2.2.6)
    bcrypt-ruby (3.0.1)
    builder (3.0.0)
    capistrano (2.9.0)
      highline
      net-scp (>= 1.0.0)
      net-sftp (>= 2.0.0)
      net-ssh (>= 2.0.14)
      net-ssh-gateway (>= 1.1.0)
    capybara (1.1.1)
      mime-types (>= 1.16)
      nokogiri (>= 1.3.3)
      rack (>= 1.0.0)
      rack-test (>= 0.5.4)
      selenium-webdriver (~> 2.0)
      xpath (~> 0.1.4)
    childprocess (0.2.2)
      ffi (~> 1.0.6)
    chunky_png (1.2.5)
    coderay (0.9.8)
    coffee-rails (3.1.1)
      coffee-script (>= 2.2.0)
      railties (~> 3.1.0)
    coffee-script (2.2.0)
      coffee-script-source
      execjs
    coffee-script-source (1.1.2)
    data_objects (0.10.7)
      addressable (~> 2.1)
    diff-lcs (1.1.3)
    do_mysql (0.10.7)
      data_objects (= 0.10.7)
    erubis (2.7.0)
    execjs (1.2.9)
      multi_json (~> 1.0)
    factory_girl (2.2.0)
      activesupport
    factory_girl_rails (1.3.0)
      factory_girl (~> 2.2.0)
      railties (>= 3.0.0)
    fakeweb (1.3.0)
    faraday (0.7.5)
      addressable (~> 2.2.6)
      multipart-post (~> 1.1.3)
      rack (< 2, >= 1.1.0)
    ffi (1.0.9)
    fssm (0.2.7)
    guard (0.8.7)
      thor (~> 0.14.6)
    haml (3.1.3)
    highline (1.6.2)
    hike (1.2.1)
    i18n (0.6.0)
    jquery-rails (1.0.16)
      railties (~> 3.0)
      thor (~> 0.14)
    json (1.6.1)
    json_pure (1.6.1)
    kgio (2.6.0)
    mail (2.3.0)
      i18n (>= 0.4.0)
      mime-types (~> 1.16)
      treetop (~> 1.4.8)
    mechanize (2.0.1)
      net-http-digest_auth (>= 1.1.1, ~> 1.1)
      net-http-persistent (~> 1.8)
      nokogiri (~> 1.4)
      webrobots (>= 0.0.9, ~> 0.0)
    method_source (0.6.6)
      ruby_parser (~> 2.0.5)
    mime-types (1.16)
    multi_json (1.0.3)
    multipart-post (1.1.3)
    mysql2 (0.3.7)
    net-http-digest_auth (1.1.1)
    net-http-persistent (1.9)
    net-scp (1.0.4)
      net-ssh (>= 1.99.1)
    net-sftp (2.0.5)
      net-ssh (>= 2.0.9)
    net-ssh (2.2.1)
    net-ssh-gateway (1.1.0)
      net-ssh (>= 1.99.1)
    newrelic_rpm (3.2.0)
    nokogiri (1.5.0)
    oauth (0.4.5)
    oauth2 (0.5.1)
      faraday (~> 0.7.4)
      multi_json (~> 1.0.3)
    polyglot (0.3.2)
    pry (0.9.6.2)
      coderay (~> 0.9.8)
      method_source (~> 0.6.5)
      ruby_parser (~> 2.0.5)
      slop (~> 2.1.0)
    rack (1.3.5)
    rack-cache (1.1)
      rack (>= 0.4)
    rack-mount (0.8.3)
      rack (>= 1.0.0)
    rack-protection (1.1.4)
      rack
    rack-ssl (1.3.2)
      rack
    rack-test (0.6.1)
      rack (>= 1.0)
    railties (3.1.1)
      actionpack (= 3.1.1)
      activesupport (= 3.1.1)
      rack-ssl (~> 1.3.2)
      rake (>= 0.8.7)
      rdoc (~> 3.4)
      thor (~> 0.14.6)
    raindrops (0.8.0)
    rake (0.9.2)
    rdoc (3.11)
      json (~> 1.4)
    redis (2.2.2)
    redis-namespace (1.0.3)
      redis (< 3.0.0)
    resque (1.19.0)
      multi_json (~> 1.0)
      redis-namespace (~> 1.0.2)
      sinatra (>= 0.9.2)
      vegas (~> 0.1.2)
    rspec (2.7.0)
      rspec-core (~> 2.7.0)
      rspec-expectations (~> 2.7.0)
      rspec-mocks (~> 2.7.0)
    rspec-core (2.7.0)
    rspec-expectations (2.7.0)
      diff-lcs (~> 1.1.2)
    rspec-mocks (2.7.0)
    rspec-rails (2.7.0)
      actionpack (~> 3.0)
      activesupport (~> 3.0)
      railties (~> 3.0)
      rspec (~> 2.7.0)
    ruby_parser (2.0.6)
      sexp_processor (~> 3.0)
    rubyzip (0.9.4)
    sass (3.1.10)
    sass-rails (3.1.4)
      actionpack (~> 3.1.0)
      railties (~> 3.1.0)
      sass (>= 3.1.4)
      sprockets (~> 2.0.0)
      tilt (~> 1.3.2)
    selenium-webdriver (2.8.0)
      childprocess (>= 0.2.1)
      ffi (>= 1.0.7)
      json_pure
      rubyzip
    sexp_processor (3.0.7)
    sinatra (1.3.1)
      rack (>= 1.3.4, ~> 1.3)
      rack-protection (>= 1.1.2, ~> 1.1)
      tilt (>= 1.3.3, ~> 1.3)
    slop (2.1.0)
    sorcery (0.7.0)
      bcrypt-ruby (~> 3.0.0)
      oauth (~> 0.4.4)
      oauth (~> 0.4.4)
      oauth2 (~> 0.5.1)
      oauth2 (~> 0.5.1)
    sprockets (2.0.3)
      hike (~> 1.2)
      rack (~> 1.0)
      tilt (!= 1.3.0, ~> 1.1)
    thor (0.14.6)
    tilt (1.3.3)
    treetop (1.4.10)
      polyglot
      polyglot (>= 0.3.1)
    tzinfo (0.3.30)
    uglifier (1.0.4)
      execjs (>= 0.3.0)
      multi_json (>= 1.0.2)
    unicorn (4.1.1)
      kgio (~> 2.4)
      rack
      raindrops (~> 0.6)
    url2png (0.0.6)
    vcr (1.11.3)
    vegas (0.1.8)
      rack (>= 1.0.0)
    virtus (0.0.9)
    webrobots (0.0.12)
      nokogiri (>= 1.4.4)
    xpath (0.1.4)
      nokogiri (~> 1.3)

PLATFORMS
  ruby

DEPENDENCIES
  actionmailer
  actionpack
  activesupport
  capistrano
  capybara
  coffee-rails (~> 3.1.0)
  coffee-script
  compass!
  dm-active_model (~> 1.3.0.beta)!
  dm-aggregates (~> 1.3.0.beta)!
  dm-core (~> 1.3.0.beta)!
  dm-do-adapter (~> 1.3.0.beta)!
  dm-migrations (~> 1.3.0.beta)!
  dm-mysql-adapter (~> 1.3.0.beta)!
  dm-rails (~> 1.3.0.beta)!
  dm-validations (~> 1.3.0.beta)!
  exception_notification!
  factory_girl_rails
  fakeweb
  guard
  haml
  jquery-rails
  mechanize
  mysql2
  newrelic_rpm
  nokogiri
  pry
  railties
  resque
  rspec-rails (~> 2.6)
  sass
  sass-rails (~> 3.1.0)
  sorcery
  spork!
  tilt
  tzinfo
  uglifier
  unicorn
  url2png
  vcr
  voidtools!
